GEM
  remote: https://rubygems.org/
  specs:
    RedCloth (4.2.9)

PLATFORMS
  ruby

DEPENDENCIES
  RedCloth
